RESTRICTION: == net45
NUGET
  remote: https://www.nuget.org/api/v2
    Microsoft.NETCore.Platforms (2.0.1)
    NETStandard.Library (2.0.1)
      Microsoft.NETCore.Platforms (>= 1.1)
      System.Runtime.InteropServices.RuntimeInformation (>= 4.3)
    System.Buffers (4.4)
      System.Diagnostics.Debug (>= 4.3)
      System.Diagnostics.Tracing (>= 4.3)
      System.Resources.ResourceManager (>= 4.3)
      System.Runtime (>= 4.3)
      System.Threading (>= 4.3)
    System.Diagnostics.Debug (4.3)
    System.Diagnostics.Tracing (4.3)
    System.IO.Compression (4.3)
    System.Memory (4.5.0-preview1-26216-02)
      NETStandard.Library (>= 1.6.1)
      System.Runtime.CompilerServices.Unsafe (>= 4.5.0-preview1-26216-02)
    System.Resources.ResourceManager (4.3)
    System.Runtime (4.3)
    System.Runtime.CompilerServices.Unsafe (4.5.0-preview1-26216-02)
      NETStandard.Library (>= 1.6.1)
    System.Runtime.InteropServices.RuntimeInformation (4.3)
    System.Threading (4.3)
    System.ValueTuple (4.4)
      NETStandard.Library (>= 1.6.1)
  remote: https://dotnet.myget.org/F/dotnet-corefxlab
    System.Buffers.Primitives (0.1.0-e180124-2)
      NETStandard.Library (>= 1.6.1)
      System.Buffers (>= 4.3)
      System.Memory (>= 4.5.0-preview1-26122-01)
      System.Runtime.CompilerServices.Unsafe (>= 4.5.0-preview1-26122-01)
      System.ValueTuple (>= 4.3)
    System.IO.Compression.Brotli (0.1.0-e180119-3)
      NETStandard.Library (>= 1.6.1)
      System.Buffers.Primitives (>= 0.1.0-e180119-3)
